GEM
  remote: https://rubygems.org/
  specs:
    daemons (1.2.5)

PLATFORMS
  ruby

DEPENDENCIES
  daemons

BUNDLED WITH
   1.16.0
